PATH
  remote: .
  specs:
    gemsurance (0.8.0)
      bundler
      gems
      git

GEM
  remote: https://rubygems.org/
  specs:
    gems (1.1.1)
      json
    git (1.5.0)
    json (2.1.0)
    metaclass (0.0.4)
    mini_portile2 (2.4.0)
    mocha (1.7.0)
      metaclass (~> 0.0.1)
    nokogiri (1.9.1)
      mini_portile2 (~> 2.4.0)
    power_assert (1.1.3)
    rake (12.3.2)
    test-unit (3.2.9)
      power_assert

PLATFORMS
  ruby

DEPENDENCIES
  gemsurance!
  mocha
  nokogiri
  rake
  test-unit

BUNDLED WITH
   1.17.3
