PATH
  remote: .
  specs:
    gemsurance (0.8.0)
      bundler
      gems
      git

GEM
  remote: https://rubygems.org/
  specs:
    gems (1.2.0)
    git (1.8.1)
      rchardet (~> 1.8)
    mocha (1.12.0)
    nokogiri (1.11.0-x86_64-darwin)
      racc (~> 1.4)
    nokogiri (1.11.0-x86_64-linux)
      racc (~> 1.4)
    power_assert (1.2.0)
    racc (1.5.2)
    rake (13.0.3)
    rchardet (1.8.0)
    test-unit (3.3.9)
      power_assert

PLATFORMS
  x86_64-darwin-16
  x86_64-linux

DEPENDENCIES
  gemsurance!
  mocha
  nokogiri
  rake
  test-unit

BUNDLED WITH
   2.2.4
