PATH
  remote: .
  specs:
    gemsurance (0.8.0)
      bundler (~> 1.2)
      gems (~> 0.8)
      git (~> 1.2)

GEM
  remote: https://rubygems.org/
  specs:
    gems (0.8.3)
    git (1.4.0)
    metaclass (0.0.4)
    mini_portile2 (2.3.0)
    mocha (1.5.0)
      metaclass (~> 0.0.1)
    nokogiri (1.8.4)
      mini_portile2 (~> 2.3.0)
    power_assert (1.1.3)
    rake (12.3.1)
    test-unit (3.2.8)
      power_assert

PLATFORMS
  ruby

DEPENDENCIES
  gemsurance!
  mocha
  nokogiri
  rake
  test-unit

BUNDLED WITH
   1.16.2
