PATH
  remote: .
  specs:
    gemsurance (0.8.0)
      bundler
      gems
      git

GEM
  remote: https://rubygems.org/
  specs:
    gems (1.2.0)
    git (1.5.0)
    mini_portile2 (2.4.0)
    mocha (1.11.1)
    nokogiri (1.10.7)
      mini_portile2 (~> 2.4.0)
    power_assert (1.1.5)
    rake (13.0.1)
    test-unit (3.3.4)
      power_assert

PLATFORMS
  ruby

DEPENDENCIES
  gemsurance!
  mocha
  nokogiri
  rake
  test-unit

BUNDLED WITH
   2.1.0
