PATH
  remote: .
  specs:
    gemsurance (0.8.0)
      bundler
      gems
      git

GEM
  remote: https://rubygems.org/
  specs:
    gems (1.2.0)
    git (1.7.0)
      rchardet (~> 1.8)
    mini_portile2 (2.4.0)
    mocha (1.11.2)
    nokogiri (1.10.10)
      mini_portile2 (~> 2.4.0)
    power_assert (1.2.0)
    rake (13.0.3)
    rchardet (1.8.0)
    test-unit (3.3.7)
      power_assert

PLATFORMS
  x86_64-darwin-16
  x86_64-linux

DEPENDENCIES
  gemsurance!
  mocha
  nokogiri
  rake
  test-unit

BUNDLED WITH
   2.2.3
