PATH
  remote: .
  specs:
    gemsurance (0.8.0)
      bundler (~> 1.2)
      gems (~> 0.8)
      git (~> 1.2)

GEM
  remote: https://rubygems.org/
  specs:
    gems (0.8.3)
    git (1.3.0)
    metaclass (0.0.4)
    mini_portile2 (2.2.0)
    mocha (0.14.0)
      metaclass (~> 0.0.1)
    nokogiri (1.8.0)
      mini_portile2 (~> 2.2.0)
    power_assert (1.0.2)
    rake (0.9.2.2)
    test-unit (3.2.5)
      power_assert

PLATFORMS
  ruby

DEPENDENCIES
  gemsurance!
  mocha (= 0.14.0)
  nokogiri
  rake (= 0.9.2.2)
  test-unit

BUNDLED WITH
   1.15.3
